GEM
  remote: http://rubygems.org/
  specs:
    hoe (3.3.1)
      rake (>= 0.8, < 11.0)
    rake (10.0.2)
    ruby_parser (3.0.4)
      sexp_processor (~> 4.1)
    sexp_processor (4.1.2)

PLATFORMS
  ruby

DEPENDENCIES
  hoe (>= 3.3.1)
  ruby_parser (>= 3.0.4)
